GEM
  remote: http://rubygems.org/
  specs:
    activemodel (3.2.7)
      activesupport (= 3.2.7)
      builder (~> 3.0.0)
    activerecord (3.2.7)
      activemodel (= 3.2.7)
      activesupport (= 3.2.7)
      arel (~> 3.0.2)
      tzinfo (~> 0.3.29)
    activesupport (3.2.7)
      i18n (~> 0.6)
      multi_json (~> 1.0)
    arel (3.0.2)
    builder (3.0.0)
    git (1.2.5)
    haml (3.1.3)
    i18n (0.6.0)
    jeweler (1.6.4)
      bundler (~> 1.0)
      git (>= 1.2.5)
      rake
    log4r (1.1.10)
    multi_json (1.3.6)
    pg (0.14.0)
    rack (1.4.1)
    rack-protection (1.5.1)
      rack
    rack-test (0.6.1)
      rack (>= 1.0)
    rake (10.1.0)
    shoulda (2.11.3)
    simplecov (0.6.4)
      multi_json (~> 1.0)
      simplecov-html (~> 0.5.3)
    simplecov-html (0.5.3)
    sinatra (1.3.6)
      rack (~> 1.4)
      rack-protection (~> 1.3)
      tilt (~> 1.3, >= 1.3.3)
    test-unit (2.5.0)
    tilt (1.3.3)
    tzinfo (0.3.33)

PLATFORMS
  ruby

DEPENDENCIES
  activerecord (> 3.0.9)
  bundler (= 1.3.5)
  haml (= 3.1.3)
  jeweler (~> 1.6.4)
  log4r (= 1.1.10)
  pg (= 0.14.0)
  rack (> 1.3.6)
  rack-test (= 0.6.1)
  rake (= 10.1.0)
  shoulda (= 2.11.3)
  simplecov
  sinatra (> 1.3.1)
  test-unit (= 2.5.0)
  tilt (= 1.3.3)
