GEM
  remote: http://rubygems.org/
  specs:
    activemodel (3.0.9)
      activesupport (= 3.0.9)
      builder (~> 2.1.2)
      i18n (~> 0.5.0)
    activerecord (3.0.9)
      activemodel (= 3.0.9)
      activesupport (= 3.0.9)
      arel (~> 2.0.10)
      tzinfo (~> 0.3.23)
    activesupport (3.0.9)
    arel (2.0.10)
    builder (2.1.2)
    git (1.2.5)
    haml (3.1.3)
    i18n (0.5.0)
    jeweler (1.6.4)
      bundler (~> 1.0)
      git (>= 1.2.5)
      rake
    pg (0.11.0)
    rack (1.3.5)
    rack-protection (1.1.4)
      rack
    rake (0.8.7)
    rcov (0.9.11)
    shoulda (2.11.3)
    sinatra (1.3.1)
      rack (~> 1.3, >= 1.3.4)
      rack-protection (~> 1.1, >= 1.1.2)
      tilt (~> 1.3, >= 1.3.3)
    tilt (1.3.3)
    tzinfo (0.3.31)

PLATFORMS
  ruby

DEPENDENCIES
  activerecord (= 3.0.9)
  bundler (= 1.0.21)
  haml (= 3.1.3)
  jeweler (~> 1.6.4)
  pg (= 0.11.0)
  rake (= 0.8.7)
  rcov
  shoulda (= 2.11.3)
  sinatra (= 1.3.1)
